GEM
  remote: https://rubygems.org/
  specs:
    barby (0.6.8)
    chunky_png (1.4.0)
    daemons (1.4.1)
    eventmachine (1.2.7)
    mustermann (1.1.1)
      ruby2_keywords (~> 0.0.1)
    rack (2.2.3.1)
    rack-protection (2.2.0)
      rack
    rghost (0.9.7)
    rghost_barcode (0.9)
    rqrcode (2.1.1)
      chunky_png (~> 1.0)
      rqrcode_core (~> 1.0)
    rqrcode_core (1.2.0)
    ruby2_keywords (0.0.5)
    sinatra (2.2.0)
      mustermann (~> 1.0)
      rack (~> 2.2)
      rack-protection (= 2.2.0)
      tilt (~> 2.0)
    thin (1.8.1)
      daemons (~> 1.0, >= 1.0.9)
      eventmachine (~> 1.0, >= 1.0.4)
      rack (>= 1, < 3)
    tilt (2.0.10)

PLATFORMS
  ruby

DEPENDENCIES
  barby
  chunky_png
  rghost
  rghost_barcode
  rqrcode
  sinatra
  thin

RUBY VERSION
   ruby 2.7.6p219

BUNDLED WITH
   2.1.4
